GEM
  remote: https://rubygems.org/
  specs:
    addressable (2.3.6)
    coderay (1.0.6)
    colored (1.2)
    faraday (0.9.0)
      multipart-post (>= 1.2, < 3)
    hirb (0.7.3)
    jruby-pageant (1.0.2)
    method_source (0.7.1)
    multipart-post (2.0.0)
    net-sftp (2.0.5)
      net-ssh (>= 2.0.9)
    net-ssh (2.4.0)
      jruby-pageant (>= 1.0.2)
    octokit (3.2.0)
      sawyer (~> 0.5.3)
    pry (0.9.9.4)
      coderay (~> 1.0.5)
      method_source (~> 0.7.1)
      slop (>= 2.4.4, < 3)
    sawyer (0.5.4)
      addressable (~> 2.3.5)
      faraday (~> 0.8, < 0.10)
    slop (2.4.4)

PLATFORMS
  ruby

DEPENDENCIES
  colored
  faraday
  hirb
  multipart-post
  net-sftp
  net-ssh
  octokit
  pry

BUNDLED WITH
   1.16.0
